PATH
  remote: .
  specs:
    powertrack (2.1.0)
      em-http-request (~> 1.1)
      eventmachine (~> 1.0)
      exponential-backoff (~> 0.0.2)
      multi_json (~> 1.11)
      void_logger (~> 0.1)

GEM
  remote: https://rubygems.org/
  specs:
    addressable (2.8.0)
      public_suffix (>= 2.0.2, < 5.0)
    cookiejar (0.3.3)
    em-http-request (1.1.7)
      addressable (>= 2.3.4)
      cookiejar (!= 0.3.1)
      em-socksify (>= 0.3)
      eventmachine (>= 1.0.3)
      http_parser.rb (>= 0.6.0)
    em-socksify (0.3.2)
      eventmachine (>= 1.0.0.beta.4)
    eventmachine (1.2.7)
    exponential-backoff (0.0.4)
    http_parser.rb (0.8.0)
    minitest (5.15.0)
    multi_json (1.15.0)
    public_suffix (4.0.6)
    rake (13.0.6)
    ruby-prof (1.4.3)
    void_logger (0.1)
    yajl-ruby (1.4.1)

PLATFORMS
  x86_64-linux

DEPENDENCIES
  bundler (~> 2)
  minitest (~> 5.5)
  powertrack!
  rake (~> 13.0)
  ruby-prof (~> 1.4)
  yajl-ruby (~> 1.4.1)

BUNDLED WITH
   2.2.32
